GIT
  remote: file:///media/Data/jaf/spree/spree
  revision: b4f73c611e1c29e51a88af69cc93b3566db64f92
  branch: 2-0-stable
  specs:
    spree (2.0.5.beta)
      spree_api (= 2.0.5.beta)
      spree_backend (= 2.0.5.beta)
      spree_cmd (= 2.0.5.beta)
      spree_core (= 2.0.5.beta)
      spree_frontend (= 2.0.5.beta)
      spree_sample (= 2.0.5.beta)
    spree_api (2.0.5.beta)
      rabl (= 0.8.4)
      spree_core (= 2.0.5.beta)
      versioncake (= 1.0.0)
    spree_backend (2.0.5.beta)
      deface (>= 0.9.0)
      jquery-rails (~> 3.0.0)
      jquery-ui-rails (~> 4.0.0)
      rails (~> 3.2.8)
      select2-rails (~> 3.4.7)
      spree_api (= 2.0.5.beta)
      spree_core (= 2.0.5.beta)
    spree_cmd (2.0.5.beta)
      thor (>= 0.14.6)
    spree_core (2.0.5.beta)
      activemerchant (~> 1.34)
      acts_as_list (= 0.2.0)
      awesome_nested_set (= 2.1.5)
      aws-sdk (~> 1.14.1)
      cancan (~> 1.6.10)
      deface (>= 0.9.1)
      ffaker (~> 1.16)
      highline (= 1.6.18)
      httparty (~> 0.11)
      json (>= 1.7.7)
      kaminari (~> 0.14.1)
      money (= 5.1.1)
      paperclip (~> 3.4.1)
      paranoia (~> 1.3)
      rails (~> 3.2.14)
      ransack (~> 1.0.0)
      state_machine (= 1.2.0)
      stringex (~> 1.5.1)
      truncate_html (= 0.9.2)
    spree_frontend (2.0.5.beta)
      canonical-rails
      deface (>= 0.9.0)
      jquery-rails (~> 3.0.0)
      rails (~> 3.2.13)
      spree_api (= 2.0.5.beta)
      spree_core (= 2.0.5.beta)
      stringex (~> 1.5.1)
    spree_sample (2.0.5.beta)
      spree_core (= 2.0.5.beta)

GIT
  remote: file:///media/Data/jaf/spree/spree_auth_devise
  revision: 3a1aa02e73d3f6bcbb834a47366c41f6e5ca1049
  branch: 2-0-stable
  specs:
    spree_auth_devise (2.0.0)
      devise (~> 2.2.5)
      devise-encryptable (= 0.1.2)
      spree_backend (~> 2.0.0)
      spree_core (~> 2.0.0)
      spree_frontend (~> 2.0.0)

GIT
  remote: file:///media/Data/jaf/spree/spree_bootstrap
  revision: 920b86673af19f8761e832ca705c14b7c09da2cb
  branch: 2-0-stable
  specs:
    spree_bootstrap (2.0.0)
      bootstrap-sass (~> 2.3.1.0)
      font-awesome-rails
      spree_api
      spree_core (~> 2.0.0)
      spree_frontend

GIT
  remote: file:///media/Data/jaf/spree/spree_related_products
  revision: 5b0842224610affcf2af29b4cb84658e1ea9ae80
  branch: 2-0-stable
  specs:
    spree_related_products (3.2)
      spree_backend (~> 2.0.0)
      spree_core (~> 2.0.0)

GIT
  remote: file:///media/Data/jaf/spree_travel/spree_context
  revision: 684e84f1bd6c40068568d863501d9f8e0a57dab6
  specs:
    spree_context (2.0.3)
      spree_core (~> 2.0.3)

GIT
  remote: file:///media/Data/jaf/spree_travel/spree_location
  revision: fef9004611132bd5b93e0361c04519a16a438376
  specs:
    spree_location (2.0.3)
      google_static_maps_helper
      spree_core (~> 2.0.3)

GIT
  remote: file:///media/Data/jaf/spree_travel/spree_property_type
  revision: f8b40e0804caaace0d5369b7e674408c0b895aab
  specs:
    spree_property_type (2.0.3)
      spree_core (~> 2.0.3)

GIT
  remote: file:///media/Data/jaf/spree_travel/spree_travel_core
  revision: a8c0888a4fea860d86e95d45dc10ce881f684211
  specs:
    spree_travel_core (2.0.3)
      spree_core (~> 2.0.3)

GIT
  remote: file:///media/Data/jaf/spree_travel/spree_travel_product
  revision: c785f431671913d406f129b629bd9974d7af901b
  specs:
    spree_travel_product (2.0.3)
      spree_core (~> 2.0.3)

GEM
  remote: file:/home/test/.rvm/gems/ruby-1.9.3-p392/bundler/gems/
  specs:
    actionmailer (3.2.14)
      actionpack (= 3.2.14)
      mail (~> 2.5.4)
    actionpack (3.2.14)
      activemodel (= 3.2.14)
      activesupport (= 3.2.14)
      builder (~> 3.0.0)
      erubis (~> 2.7.0)
      journey (~> 1.0.4)
      rack (~> 1.4.5)
      rack-cache (~> 1.2)
      rack-test (~> 0.6.1)
      sprockets (~> 2.2.1)
    active_utils (2.0.0)
      activesupport (>= 2.3.11)
      i18n
    activemerchant (1.38.0)
      active_utils (~> 2.0)
      activesupport (>= 2.3.14, < 5.0.0)
      builder (>= 2.1.2, < 4.0.0)
      i18n (~> 0.5)
      json (~> 1.7)
      money (< 6.0.0)
      nokogiri (~> 1.4)
    activemodel (3.2.14)
      activesupport (= 3.2.14)
      builder (~> 3.0.0)
    activerecord (3.2.14)
      activemodel (= 3.2.14)
      activesupport (= 3.2.14)
      arel (~> 3.0.2)
      tzinfo (~> 0.3.29)
    activeresource (3.2.14)
      activemodel (= 3.2.14)
      activesupport (= 3.2.14)
    activesupport (3.2.14)
      i18n (~> 0.6, >= 0.6.4)
      multi_json (~> 1.0)
    acts_as_list (0.2.0)
      activerecord (>= 3.0)
    arel (3.0.2)
    awesome_nested_set (2.1.5)
      activerecord (>= 3.0.0)
    aws-sdk (1.14.1)
      json (~> 1.4)
      nokogiri (< 1.6.0)
      uuidtools (~> 2.1)
    bcrypt-ruby (3.1.2)
    bootstrap-sass (2.3.1.3)
      sass (~> 3.2)
    builder (3.0.4)
    cancan (1.6.10)
    canonical-rails (0.0.3)
      rails (>= 3.1, < 5.0)
    climate_control (0.0.3)
      activesupport (>= 3.0)
    cocaine (0.5.1)
      climate_control (>= 0.0.3, < 1.0)
    coffee-rails (3.2.2)
      coffee-script (>= 2.2.0)
      railties (~> 3.2.0)
    coffee-script (2.2.0)
      coffee-script-source
      execjs
    coffee-script-source (1.6.3)
    deface (0.9.1)
      nokogiri (~> 1.5.0)
      rails (~> 3.1)
    devise (2.2.7)
      bcrypt-ruby (~> 3.0)
      orm_adapter (~> 0.1)
      railties (~> 3.1)
      warden (~> 1.2.1)
    devise-encryptable (0.1.2)
      devise (>= 2.1.0)
    erubis (2.7.0)
    execjs (2.0.0)
    ffaker (1.18.0)
    font-awesome-rails (3.2.1.3)
      railties (>= 3.2, < 5.0)
    google_static_maps_helper (1.3.5)
    highline (1.6.18)
    hike (1.2.3)
    httparty (0.11.0)
      multi_json (~> 1.0)
      multi_xml (>= 0.5.2)
    i18n (0.6.5)
    journey (1.0.4)
    jquery-rails (3.0.4)
      railties (>= 3.0, < 5.0)
      thor (>= 0.14, < 2.0)
    jquery-ui-rails (4.0.4)
      jquery-rails
      railties (>= 3.1.0)
    json (1.8.0)
    kaminari (0.14.1)
      actionpack (>= 3.0.0)
      activesupport (>= 3.0.0)
    libv8 (3.16.14.3)
    mail (2.5.4)
      mime-types (~> 1.16)
      treetop (~> 1.4.8)
    mime-types (1.25)
    money (5.1.1)
      i18n (~> 0.6.0)
    multi_json (1.8.0)
    multi_xml (0.5.5)
    nokogiri (1.5.10)
    orm_adapter (0.4.0)
    paperclip (3.4.2)
      activemodel (>= 3.0.0)
      activerecord (>= 3.0.0)
      activesupport (>= 3.0.0)
      cocaine (~> 0.5.0)
      mime-types
    paranoia (1.3.1)
      activerecord (~> 3.2)
    polyamorous (0.6.4)
      activerecord (>= 3.0)
    polyglot (0.3.3)
    rabl (0.8.4)
      activesupport (>= 2.3.14)
    rack (1.4.5)
    rack-cache (1.2)
      rack (>= 0.4)
    rack-ssl (1.3.3)
      rack
    rack-test (0.6.2)
      rack (>= 1.0)
    rails (3.2.14)
      actionmailer (= 3.2.14)
      actionpack (= 3.2.14)
      activerecord (= 3.2.14)
      activeresource (= 3.2.14)
      activesupport (= 3.2.14)
      bundler (~> 1.0)
      railties (= 3.2.14)
    railties (3.2.14)
      actionpack (= 3.2.14)
      activesupport (= 3.2.14)
      rack-ssl (~> 1.3.2)
      rake (>= 0.8.7)
      rdoc (~> 3.4)
      thor (>= 0.14.6, < 2.0)
    rake (10.1.0)
    ransack (1.0.0)
      actionpack (>= 3.0)
      activerecord (>= 3.0)
      polyamorous (~> 0.6.0)
    rdoc (3.12.2)
      json (~> 1.4)
    ref (1.0.5)
    sass (3.2.10)
    sass-rails (3.2.6)
      railties (~> 3.2.0)
      sass (>= 3.1.10)
      tilt (~> 1.3)
    select2-rails (3.4.8)
      sass-rails
      thor (~> 0.14)
    sprockets (2.2.2)
      hike (~> 1.2)
      multi_json (~> 1.0)
      rack (~> 1.0)
      tilt (~> 1.1, != 1.3.0)
    sqlite3 (1.3.8)
    state_machine (1.2.0)
    stringex (1.5.1)
    therubyracer (0.12.0)
      libv8 (~> 3.16.14.0)
      ref
    thor (0.18.1)
    tilt (1.4.1)
    treetop (1.4.15)
      polyglot
      polyglot (>= 0.3.1)
    truncate_html (0.9.2)
    tzinfo (0.3.37)
    uglifier (2.2.1)
      execjs (>= 0.3.0)
      multi_json (~> 1.0, >= 1.0.2)
    uuidtools (2.1.4)
    versioncake (1.0.0)
      actionpack (>= 3.0)
      activesupport (>= 3.0)
      railties (>= 3.0)
    warden (1.2.3)
      rack (>= 1.0)

PLATFORMS
  ruby

DEPENDENCIES
  coffee-rails (~> 3.2.1)
  jquery-rails
  rails (= 3.2.14)
  sass-rails (~> 3.2.3)
  spree!
  spree_auth_devise!
  spree_bootstrap!
  spree_context!
  spree_location!
  spree_property_type!
  spree_related_products!
  spree_travel_core!
  spree_travel_product!
  sqlite3
  therubyracer
  uglifier (>= 1.0.3)
